GEM
  remote: https://rubygems.org/
  specs:
    gosu (0.13.1-x64-mingw32)

PLATFORMS
  x64-mingw32

DEPENDENCIES
  gosu

BUNDLED WITH
   1.15.4
